PATH
  remote: .
  specs:
    divulgence (0.1)
      rest-client
      treet

GEM
  remote: https://rubygems.org/
  specs:
    addressable (2.3.5)
    crack (0.4.1)
      safe_yaml (~> 0.9.0)
    diff-lcs (1.2.4)
    map (6.5.1)
    mime-types (1.25)
    rake (10.1.0)
    rest-client (1.6.7)
      mime-types (>= 1.16)
    rspec (2.14.1)
      rspec-core (~> 2.14.0)
      rspec-expectations (~> 2.14.0)
      rspec-mocks (~> 2.14.0)
    rspec-core (2.14.7)
    rspec-expectations (2.14.3)
      diff-lcs (>= 1.1.3, < 2.0)
    rspec-mocks (2.14.4)
    rugged (0.19.0)
    safe_yaml (0.9.7)
    thor (0.18.1)
    treet (0.18.0)
      map
      rugged (~> 0.19.0)
      thor
    webmock (1.15.0)
      addressable (>= 2.2.7)
      crack (>= 0.3.2)

PLATFORMS
  ruby

DEPENDENCIES
  divulgence!
  rake
  rspec
  webmock
